GIT
  remote: git://github.com/bloudermilk/json-stream.git
  revision: 98cd83d208e8cff0e19a93e534f9b1ba814722aa
  branch: multi-doc
  specs:
    json-stream (0.1.3)

GIT
  remote: git://github.com/tarcieri/http.git
  revision: 6855c5384b86bde2a0759c50dd39f029373fc933
  specs:
    http (0.6.0.pre)
      http_parser.rb (~> 0.6.0)

GEM
  remote: https://rubygems.org/
  specs:
    activemodel (4.0.2)
      activesupport (= 4.0.2)
      builder (~> 3.1.0)
    activerecord (4.0.2)
      activemodel (= 4.0.2)
      activerecord-deprecated_finders (~> 1.0.2)
      activesupport (= 4.0.2)
      arel (~> 4.0.0)
    activerecord-deprecated_finders (1.0.3)
    activerecord-jdbc-adapter (1.3.5)
      activerecord (>= 2.2)
    activerecord-jdbcmysql-adapter (1.3.5)
      activerecord-jdbc-adapter (~> 1.3.5)
      jdbc-mysql (>= 5.1.22)
    activesupport (4.0.2)
      i18n (~> 0.6, >= 0.6.4)
      minitest (~> 4.2)
      multi_json (~> 1.3)
      thread_safe (~> 0.1)
      tzinfo (~> 0.3.37)
    addressable (2.3.5)
    arel (4.0.1)
    atomic (1.1.14)
    atomic (1.1.14-java)
    backports (3.5.0)
    builder (3.1.4)
    celluloid (0.15.2)
      timers (~> 1.1.0)
    coderay (1.1.0)
    crack (0.4.1)
      safe_yaml (~> 0.9.0)
    descendants_tracker (0.0.3)
    diff-lcs (1.2.5)
    fakefs (0.5.0)
    ffi (1.9.3-java)
    http_parser.rb (0.6.0)
    http_parser.rb (0.6.0-java)
    i18n (0.6.9)
    jbundler (0.5.5)
      bundler (~> 1.5)
      ruby-maven (>= 3.1.1.0.1, < 3.1.2)
    jdbc-mysql (5.1.28)
    json (1.8.1)
    json (1.8.1-java)
    maven-tools (0.34.2)
      virtus (~> 0.5)
    method_source (0.8.2)
    minitest (4.7.5)
    multi_json (1.8.4)
    pry (0.9.12.4)
      coderay (~> 1.0)
      method_source (~> 0.8)
      slop (~> 3.4)
    pry (0.9.12.4-java)
      coderay (~> 1.0)
      method_source (~> 0.8)
      slop (~> 3.4)
      spoon (~> 0.0)
    rake (10.1.1)
    rspec (2.14.1)
      rspec-core (~> 2.14.0)
      rspec-expectations (~> 2.14.0)
      rspec-mocks (~> 2.14.0)
    rspec-core (2.14.7)
    rspec-expectations (2.14.4)
      diff-lcs (>= 1.1.3, < 2.0)
    rspec-mocks (2.14.4)
    ruby-maven (3.1.1.0.2)
      maven-tools (~> 0.33)
      ruby-maven-libs (= 3.1.1)
    ruby-maven-libs (3.1.1)
    safe_yaml (0.9.7)
    slop (3.4.7)
    spoon (0.0.4)
      ffi
    thread_safe (0.1.3)
      atomic
    thread_safe (0.1.3-java)
      atomic
    timers (1.1.0)
    tzinfo (0.3.38)
    virtus (0.5.5)
      backports (~> 3.3)
      descendants_tracker (~> 0.0.1)
    webmock (1.17.1)
      addressable (>= 2.2.7)
      crack (>= 0.3.2)

PLATFORMS
  java
  ruby

DEPENDENCIES
  activerecord (~> 4.0.2)
  activerecord-jdbcmysql-adapter (~> 1.3.5)
  bundler (~> 1.5.2)
  celluloid (~> 0.15.2)
  fakefs (~> 0.5.0)
  http!
  jbundler (~> 0.5.5)
  json (~> 1.8.1)
  json-stream (~> 0.1.3)!
  pry (~> 0.9.12.4)
  rake (~> 10.1.1)
  rspec (~> 2.14.1)
  webmock (~> 1.17.1)
