GIT
  remote: git://github.com/bblimke/webmock.git
  revision: 2919c0ebdcf8b19ee8bba7c17f70950d02c02a06
  specs:
    webmock (1.17.1)
      addressable (>= 2.2.7)
      crack (>= 0.3.2)

GIT
  remote: git://github.com/bloudermilk/json-stream.git
  revision: 98cd83d208e8cff0e19a93e534f9b1ba814722aa
  branch: multi-doc
  specs:
    json-stream (0.1.3)

GIT
  remote: git://github.com/tarcieri/http.git
  revision: 6855c5384b86bde2a0759c50dd39f029373fc933
  specs:
    http (0.6.0.pre)
      http_parser.rb (~> 0.6.0)

GEM
  remote: https://rubygems.org/
  specs:
    addressable (2.3.5)
    celluloid (0.15.2)
      timers (~> 1.1.0)
    coderay (1.1.0)
    crack (0.4.1)
      safe_yaml (~> 0.9.0)
    diff-lcs (1.2.5)
    ffi (1.9.3-java)
    http_parser.rb (0.6.0)
    http_parser.rb (0.6.0-java)
    json (1.8.1)
    json (1.8.1-java)
    method_source (0.8.2)
    neo4j-community (1.9.5-java)
    neo4j-core (2.3.0-java)
      neo4j-community (>= 1.9.M05, < 2.0)
      neo4j-cypher (~> 1.0.0)
    neo4j-cypher (1.0.2)
    neo4j-wrapper (2.3.0-java)
      neo4j-core (= 2.3.0)
    pry (0.9.12.4)
      coderay (~> 1.0)
      method_source (~> 0.8)
      slop (~> 3.4)
    pry (0.9.12.4-java)
      coderay (~> 1.0)
      method_source (~> 0.8)
      slop (~> 3.4)
      spoon (~> 0.0)
    rspec (2.14.1)
      rspec-core (~> 2.14.0)
      rspec-expectations (~> 2.14.0)
      rspec-mocks (~> 2.14.0)
    rspec-core (2.14.7)
    rspec-expectations (2.14.4)
      diff-lcs (>= 1.1.3, < 2.0)
    rspec-mocks (2.14.4)
    safe_yaml (0.9.7)
    slop (3.4.7)
    spoon (0.0.4)
      ffi
    timers (1.1.0)

PLATFORMS
  java
  ruby

DEPENDENCIES
  celluloid (~> 0.15.2)
  http!
  json (~> 1.8.1)
  json-stream (~> 0.1.3)!
  neo4j-wrapper (~> 2.3.0)
  pry (~> 0.9.12.4)
  rspec (~> 2.14.1)
  webmock!
